GEM
  remote: https://rubygems.org/
  specs:
    architecture-js (0.6.3)
      ejs
      jsmin
      listen
    celluloid (0.15.2)
      timers (~> 1.1.0)
    ejs (1.1.1)
    ffi (1.9.3)
    jasmine (2.0.0)
      jasmine-core (~> 2.0.0)
      phantomjs
      rack (>= 1.2.1)
      rake
    jasmine-core (2.0.0)
    jsmin (1.0.1)
    listen (2.4.0)
      celluloid (>= 0.15.2)
      rb-fsevent (>= 0.9.3)
      rb-inotify (>= 0.9)
    phantomjs (1.9.2.1)
    rack (1.5.2)
    rake (10.1.1)
    rb-fsevent (0.9.4)
    rb-inotify (0.9.3)
      ffi (>= 0.5.0)
    timers (1.1.0)

PLATFORMS
  ruby

DEPENDENCIES
  architecture-js
  jasmine
  rake
  rb-fsevent
